GEM
  remote: http://rubygems.org/
  specs:
    addressable (2.2.7)
    diff-lcs (1.1.3)
    promise (0.3.0)
    rake (0.9.2.2)
    rdf (0.3.5)
      addressable (>= 2.2.6)
    rdf-isomorphic (0.3.4)
      rdf (>= 0.2.3)
    rdf-spec (0.3.5)
      rspec (>= 2.8.0)
    rspec (2.8.0)
      rspec-core (~> 2.8.0)
      rspec-expectations (~> 2.8.0)
      rspec-mocks (~> 2.8.0)
    rspec-core (2.8.0)
    rspec-expectations (2.8.0)
      diff-lcs (~> 1.1.2)
    rspec-mocks (2.8.0)
    yard (0.7.5)

PLATFORMS
  ruby

DEPENDENCIES
  promise
  rake
  rdf
  rdf-isomorphic (>= 0.3.2)
  rdf-spec
  rspec (~> 2.5)
  yard
