PATH
  remote: .
  specs:
    spira (2.0.1.am)
      activemodel (>= 3)
      activesupport (>= 3)
      promise (>= 0.3.0)
      rdf (>= 0.2.3)
      rdf-isomorphic (>= 0.3.0)

GEM
  remote: http://rubygems.org/
  specs:
    activemodel (3.2.3)
      activesupport (= 3.2.3)
      builder (~> 3.0.0)
    activesupport (3.2.3)
      i18n (~> 0.6)
      multi_json (~> 1.0)
    addressable (2.2.8)
    builder (3.0.0)
    diff-lcs (1.1.3)
    ffi (1.0.11)
    guard (1.2.3)
      listen (>= 0.4.2)
      thor (>= 0.14.6)
    guard-ctags-bundler (0.1.1)
      guard (>= 1.0.0)
    guard-rspec (1.1.0)
      guard (>= 1.1)
    i18n (0.6.0)
    listen (0.4.7)
      rb-fchange (~> 0.0.5)
      rb-fsevent (~> 0.9.1)
      rb-inotify (~> 0.8.8)
    multi_json (1.3.6)
    promise (0.3.0)
    rake (0.9.2.2)
    rb-fchange (0.0.5)
      ffi
    rb-fsevent (0.9.1)
    rb-inotify (0.8.8)
      ffi (>= 0.5.0)
    rdf (0.3.7)
      addressable (>= 2.2.6)
    rdf-isomorphic (0.3.4)
      rdf (>= 0.2.3)
    rdf-spec (0.3.5)
      rspec (>= 2.8.0)
    rspec (2.8.0)
      rspec-core (~> 2.8.0)
      rspec-expectations (~> 2.8.0)
      rspec-mocks (~> 2.8.0)
    rspec-core (2.8.0)
    rspec-expectations (2.8.0)
      diff-lcs (~> 1.1.2)
    rspec-mocks (2.8.0)
    thor (0.14.6)
    yard (0.7.5)

PLATFORMS
  ruby

DEPENDENCIES
  guard (~> 1.2.3)
  guard-ctags-bundler (~> 0.1.1)
  guard-rspec (~> 1.1.0)
  rake
  rdf-spec (>= 0.2.2)
  rspec (>= 1.3.0)
  spira!
  yard (>= 0.5.3)
