PATH
  remote: .
  specs:
    spira (0.3.0)
      promise (>= 0.3.0)
      rdf (>= 0.3.11)
      rdf-isomorphic (>= 0.3.4)

GEM
  remote: http://rubygems.org/
  specs:
    addressable (2.3.2)
    diff-lcs (1.1.3)
    promise (0.3.0)
    rdf (0.3.11.1)
      addressable (>= 2.2.6)
    rdf-isomorphic (0.3.4)
      rdf (>= 0.2.3)
    rdf-spec (0.3.11)
      rspec (>= 2.12.0)
    rspec (2.12.0)
      rspec-core (~> 2.12.0)
      rspec-expectations (~> 2.12.0)
      rspec-mocks (~> 2.12.0)
    rspec-core (2.12.2)
    rspec-expectations (2.12.1)
      diff-lcs (~> 1.1.3)
    rspec-mocks (2.12.1)
    yard (0.8.3)

PLATFORMS
  ruby

DEPENDENCIES
  rdf-spec (>= 0.3.11)
  rspec (>= 2.12.0)
  spira!
  yard (>= 0.8.3)
