GEM
  remote: http://rubygems.org/
  specs:
    addressable (2.2.8)
    diff-lcs (1.1.3)
    promise (0.3.0)
    rdf (0.3.5.2)
      addressable (>= 2.2.6)
    rdf-isomorphic (0.3.4)
      rdf (>= 0.2.3)
    rdf-spec (0.3.5.1)
      rspec (>= 2.8.0)
    rspec (2.10.0)
      rspec-core (~> 2.10.0)
      rspec-expectations (~> 2.10.0)
      rspec-mocks (~> 2.10.0)
    rspec-core (2.10.1)
    rspec-expectations (2.10.0)
      diff-lcs (~> 1.1.3)
    rspec-mocks (2.10.1)
    yard (0.8.1)

PLATFORMS
  ruby

DEPENDENCIES
  promise
  rdf
  rdf-isomorphic (>= 0.3.2)
  rdf-spec
  rspec (~> 2.5)
  yard
